GEM
  remote: http://rubygems.org/
  specs:
    POpen4 (0.1.4)
      Platform (>= 0.4.0)
      open4
    Platform (0.4.0)
    directory_watcher (1.4.1)
    iobuffer (1.1.2)
    jammit (0.6.5)
      yui-compressor (>= 0.9.3)
    open4 (1.3.0)
    rake (0.9.2.2)
    rev (0.3.2)
      iobuffer (>= 0.1.3)
    yui-compressor (0.9.6)
      POpen4 (>= 0.1.4)

PLATFORMS
  ruby

DEPENDENCIES
  directory_watcher
  jammit
  rake
  rev
